PATH
  remote: .
  specs:
    organize (1.1.0)
      optitron (~> 0.2)

GEM
  remote: http://rubygems.org/
  specs:
    callsite (0.0.4)
    diff-lcs (1.1.2)
    fakefs (0.3.1)
    method-args (0.1.1)
      ruby2ruby (~> 1.2.4)
      ruby_parser (~> 2.0)
      sexp_processor (~> 3.0.4)
    optitron (0.3.1)
      callsite (~> 0.0.4)
      method-args (~> 0.1.0)
    rspec (2.4.0)
      rspec-core (~> 2.4.0)
      rspec-expectations (~> 2.4.0)
      rspec-mocks (~> 2.4.0)
    rspec-core (2.4.0)
    rspec-expectations (2.4.0)
      diff-lcs (~> 1.1.2)
    rspec-mocks (2.4.0)
    ruby2ruby (1.2.5)
      ruby_parser (~> 2.0)
      sexp_processor (~> 3.0)
    ruby_parser (2.0.5)
      sexp_processor (~> 3.0)
    sexp_processor (3.0.5)

PLATFORMS
  ruby

DEPENDENCIES
  bundler (~> 1.0)
  fakefs (~> 0.2)
  optitron (~> 0.2)
  organize!
  rspec (~> 2.4)
